GEM
  remote: http://rubygems.org/
  specs:
    bouncy-castle-java (1.5.0146.1)
    cinch (2.0.3)
    jruby-openssl (0.8.2)
      bouncy-castle-java (>= 1.5.0146.1)

PLATFORMS
  java
  ruby

DEPENDENCIES
  cinch
  jruby-openssl
